GEM
  remote: https://rubygems.org/
  specs:
    activesupport (5.0.0.1)
      concurrent-ruby (~> 1.0, >= 1.0.2)
      i18n (~> 0.7)
      minitest (~> 5.1)
      tzinfo (~> 1.1)
    addressable (2.4.0)
    buftok (0.2.0)
    chunky_png (1.3.7)
    colorator (1.1.0)
    colored (1.2)
    compass (1.0.3)
      chunky_png (~> 1.2)
      compass-core (~> 1.0.2)
      compass-import-once (~> 1.0.5)
      rb-fsevent (>= 0.9.3)
      rb-inotify (>= 0.9)
      sass (>= 3.3.13, < 3.5)
    compass-core (1.0.3)
      multi_json (~> 1.0)
      sass (>= 3.3.0, < 3.5)
    compass-import-once (1.0.5)
      sass (>= 3.2, < 3.5)
    concurrent-ruby (1.0.2)
    domain_name (0.5.20160826)
      unf (>= 0.0.5, < 1.0.0)
    dotyaml (0.4.0)
      activesupport
    equalizer (0.0.10)
    ethon (0.9.1)
      ffi (>= 1.3.0)
    faraday (0.9.2)
      multipart-post (>= 1.2, < 3)
    fastimage (2.0.0)
      addressable (~> 2)
    ffi (1.9.14)
    forwardable-extended (2.6.0)
    html-proofer (3.1.0)
      activesupport (>= 4.2, < 6.0)
      addressable (~> 2.3)
      colored (~> 1.2)
      mercenary (~> 0.3.2)
      nokogiri (~> 1.5)
      parallel (~> 1.3)
      typhoeus (~> 0.7)
      yell (~> 2.0)
    http (1.0.4)
      addressable (~> 2.3)
      http-cookie (~> 1.0)
      http-form_data (~> 1.0.1)
      http_parser.rb (~> 0.6.0)
    http-cookie (1.0.2)
      domain_name (~> 0.5)
    http-form_data (1.0.1)
    http_parser.rb (0.6.0)
    i18n (0.7.0)
    jekyll (3.2.1)
      colorator (~> 1.0)
      jekyll-sass-converter (~> 1.0)
      jekyll-watch (~> 1.1)
      kramdown (~> 1.3)
      liquid (~> 3.0)
      mercenary (~> 0.3.3)
      pathutil (~> 0.9)
      rouge (~> 1.7)
      safe_yaml (~> 1.0)
    jekyll-compass (2.0.1)
      compass (~> 1.0)
      jekyll (~> 3.0)
    jekyll-paginate (1.1.0)
    jekyll-sass-converter (1.4.0)
      sass (~> 3.4)
    jekyll-tagging (1.0.1)
      ruby-nuggets
    jekyll-twitter-plugin (1.3.1)
      twitter (~> 5.11)
    jekyll-watch (1.5.0)
      listen (~> 3.0, < 3.1)
    jekyll-youtube (1.0.0)
      jekyll
    json (1.8.3)
    kramdown (1.12.0)
    liquid (3.0.6)
    listen (3.0.8)
      rb-fsevent (~> 0.9, >= 0.9.4)
      rb-inotify (~> 0.9, >= 0.9.7)
    memoizable (0.4.2)
      thread_safe (~> 0.3, >= 0.3.1)
    mercenary (0.3.6)
    mini_portile2 (2.1.0)
    minitest (5.9.0)
    multi_json (1.12.1)
    multipart-post (2.0.0)
    naught (1.1.0)
    nokogiri (1.6.8)
      mini_portile2 (~> 2.1.0)
      pkg-config (~> 1.1.7)
    nuggets (1.0.0)
    parallel (1.9.0)
    pathutil (0.14.0)
      forwardable-extended (~> 2.6)
    pkg-config (1.1.7)
    posix-spawn (0.3.11)
    pygments.rb (0.6.3)
      posix-spawn (~> 0.3.6)
      yajl-ruby (~> 1.2.0)
    rake (11.3.0)
    rb-fsevent (0.9.7)
    rb-inotify (0.9.7)
      ffi (>= 0.5.0)
    rouge (1.11.1)
    ruby-nuggets (1.0.0)
      nuggets (= 1.0.0)
    safe_yaml (1.0.4)
    sass (3.4.22)
    simple_oauth (0.3.1)
    thread_safe (0.3.5)
    twitter (5.16.0)
      addressable (~> 2.3)
      buftok (~> 0.2.0)
      equalizer (= 0.0.10)
      faraday (~> 0.9.0)
      http (~> 1.0)
      http_parser.rb (~> 0.6.0)
      json (~> 1.8)
      memoizable (~> 0.4.0)
      naught (~> 1.0)
      simple_oauth (~> 0.3.0)
    typhoeus (0.8.0)
      ethon (>= 0.8.0)
    tzinfo (1.2.2)
      thread_safe (~> 0.1)
    unf (0.1.4)
      unf_ext
    unf_ext (0.0.7.2)
    yajl-ruby (1.2.1)
    yell (2.0.6)

PLATFORMS
  ruby

DEPENDENCIES
  dotyaml
  fastimage
  html-proofer
  jekyll
  jekyll-compass
  jekyll-paginate
  jekyll-tagging
  jekyll-twitter-plugin
  jekyll-youtube
  kramdown
  nokogiri
  pygments.rb
  rake
  sass

BUNDLED WITH
   1.13.1
